GEM
  remote: http://rubygems.org/
  specs:
    activesupport (3.2.1)
      i18n (~> 0.6)
      multi_json (~> 1.0)
    daemons (1.1.6)
    eventmachine (0.12.10)
    ffaker (1.12.1)
    haml (3.1.4)
    i18n (0.6.0)
    multi_json (1.0.4)
    rack (1.4.1)
    rack-test (0.6.1)
      rack (>= 1.0)
    sass (3.1.12)
    serve (1.5.1)
      activesupport (~> 3.0)
      i18n
      rack (~> 1.2)
      rack-test (~> 0.5)
      tilt (~> 1.3)
      tzinfo
    thin (1.3.1)
      daemons (>= 1.0.9)
      eventmachine (>= 0.12.6)
      rack (>= 1.0.0)
    tilt (1.3.3)
    tzinfo (0.3.31)

PLATFORMS
  ruby

DEPENDENCIES
  ffaker (~> 1.12.1)
  haml
  sass
  serve
  thin
